GIT
  remote: https://github.com/warhammerkid/ruby-audio.git
  revision: 00ef0a198acde2aac6b88a7d389c89b27143b50e
  specs:
    ruby-audio (1.6.1)

GEM
  remote: https://rubygems.org/
  specs:
    coderay (1.1.0)
    coreaudio (0.0.10)
      narray (~> 0.6.0.0)
    diff-lcs (1.2.5)
    method_source (0.8.2)
    narray (0.6.0.9)
    pry (0.10.1)
      coderay (~> 1.1.0)
      method_source (~> 0.8.1)
      slop (~> 3.4)
    rspec (3.1.0)
      rspec-core (~> 3.1.0)
      rspec-expectations (~> 3.1.0)
      rspec-mocks (~> 3.1.0)
    rspec-core (3.1.7)
      rspec-support (~> 3.1.0)
    rspec-expectations (3.1.2)
      diff-lcs (>= 1.2.0, < 2.0)
      rspec-support (~> 3.1.0)
    rspec-mocks (3.1.3)
      rspec-support (~> 3.1.0)
    rspec-support (3.1.2)
    slop (3.6.0)

PLATFORMS
  ruby

DEPENDENCIES
  coreaudio
  narray
  pry
  rspec
  ruby-audio!
